GEM
  remote: https://rubygems.org/
  specs:
    childprocess (3.0.0)
    minitest (5.13.0)
    rubyzip (2.0.0)
    selenium-webdriver (3.142.6)
      childprocess (>= 0.5, < 4.0)
      rubyzip (>= 1.2.2)

PLATFORMS
  ruby

DEPENDENCIES
  minitest (~> 5.11)
  selenium-webdriver (~> 3.141)

BUNDLED WITH
   1.16.6
