GEM
  remote: https://rubygems.org/
  specs:
    childprocess (0.9.0)
      ffi (~> 1.0, >= 1.0.11)
    ffi (1.10.0)
    minitest (5.11.3)
    parallel (1.13.0)
    parallel_tests (2.28.0)
      parallel
    rubyzip (1.2.2)
    selenium-webdriver (3.141.0)
      childprocess (~> 0.5)
      rubyzip (~> 1.2, >= 1.2.2)

PLATFORMS
  ruby

DEPENDENCIES
  minitest (~> 5.11)
  parallel_tests (~> 2.28)
  selenium-webdriver (~> 3.141)

BUNDLED WITH
   1.16.6
