GEM
  remote: https://rubygems.org/
  specs:
    childprocess (3.0.0)
    parallel (1.18.0)
    parallel_tests (2.29.2)
      parallel
    power_assert (1.1.5)
    rubyzip (2.0.0)
    selenium-webdriver (3.142.6)
      childprocess (>= 0.5, < 4.0)
      rubyzip (>= 1.2.2)
    test-unit (3.3.4)
      power_assert

PLATFORMS
  ruby

DEPENDENCIES
  parallel_tests (~> 2.28)
  selenium-webdriver (~> 3.141)
  test-unit (~> 3.3)

BUNDLED WITH
   1.16.6
