GEM
  remote: https://rubygems.org/
  specs:
    childprocess (0.9.0)
      ffi (~> 1.0, >= 1.0.11)
    ffi (1.10.0)
    parallel (1.13.0)
    parallel_tests (2.28.0)
      parallel
    power_assert (1.1.3)
    rubyzip (1.2.2)
    selenium-webdriver (3.141.0)
      childprocess (~> 0.5)
      rubyzip (~> 1.2, >= 1.2.2)
    test-unit (3.3.0)
      power_assert

PLATFORMS
  ruby

DEPENDENCIES
  parallel_tests (~> 2.28)
  selenium-webdriver (~> 3.141)
  test-unit (~> 3.3)

BUNDLED WITH
   1.16.6
